GEM
  remote: https://rubygems.org/
  specs:
    cpf_cnpj (0.2.1)

PLATFORMS
  x86_64-darwin-22

DEPENDENCIES
  cpf_cnpj (~> 0.2.1)

BUNDLED WITH
   2.4.6
