GEM
  remote: https://rubygems.org/
  specs:
    os (1.1.4)

PLATFORMS
  x86_64-darwin-22

DEPENDENCIES
  os

BUNDLED WITH
   2.4.6
